GIT
  remote: https://github.com/andrew-carroll/volt-upload
  revision: 09904908f33e22fd5aea25e3fb70cab1645f2f6f
  specs:
    volt-upload (0.0.1)

GIT
  remote: https://github.com/heri/volt-datetime_picker
  revision: aa32f14105efac247f1b97afb9c9f4c5d945b100
  specs:
    volt-datetime_picker (0.1.0heri)
      volt-font_awesome

GEM
  remote: https://rubygems.org/
  specs:
    archive-zip (0.7.0)
      io-like (~> 0.3.0)
    bcrypt (3.1.10)
    bson (1.9.2)
    bson_ext (1.9.2)
      bson (~> 1.9.2)
    capybara (2.4.4)
      mime-types (>= 1.16)
      nokogiri (>= 1.3.3)
      rack (>= 1.0.0)
      rack-test (>= 0.5.4)
      xpath (~> 2.0)
    childprocess (0.5.6)
      ffi (~> 1.0, >= 1.0.11)
    chromedriver-helper (1.0.0)
      archive-zip (~> 0.7.0)
      nokogiri (~> 1.6)
    cliver (0.3.2)
    coderay (1.1.0)
    concurrent-ruby (0.8.0)
      ref (~> 1.0, >= 1.0.5)
    concurrent-ruby-ext (0.8.0)
      concurrent-ruby (~> 0.8.0)
    configurations (2.0.0)
    csso-rails (0.3.4)
      execjs (>= 1)
    daemons (1.2.3)
    diff-lcs (1.2.5)
    domain_name (0.5.24)
      unf (>= 0.0.5, < 1.0.0)
    eventmachine (1.0.8)
    execjs (2.6.0)
    exifr (1.2.3.1)
    faye-websocket (0.10.0)
      eventmachine (>= 0.12.0)
      websocket-driver (>= 0.5.1)
    ffi (1.9.10)
    fspath (2.1.1)
    hike (1.2.3)
    http-cookie (1.0.2)
      domain_name (~> 0.5)
    image_optim (0.21.0)
      exifr (~> 1.2, >= 1.2.2)
      fspath (~> 2.1)
      image_size (~> 1.3)
      in_threads (~> 1.3)
      progress (~> 3.0, >= 3.0.1)
    image_optim_pack (0.2.1.20150808)
      fspath (~> 2.1)
      image_optim (~> 0.19)
    image_size (1.4.1)
    in_threads (1.3.1)
    io-like (0.3.0)
    json (1.8.3)
    listen (3.0.3)
      rb-fsevent (>= 0.9.3)
      rb-inotify (>= 0.9)
    mail (2.6.3)
      mime-types (>= 1.16, < 3)
    method_source (0.8.2)
    mime-types (2.6.2)
    mini_portile (0.6.2)
    mongo (1.9.2)
      bson (~> 1.9.2)
    multi_json (1.11.2)
    netrc (0.10.3)
    nokogiri (1.6.6.2)
      mini_portile (~> 0.6.0)
    opal (0.8.0)
      hike (~> 1.2)
      sourcemap (~> 0.1.0)
      sprockets (~> 3.1)
      tilt (>= 1.4)
    opal-rspec (0.4.3)
      opal (>= 0.7.0, < 0.9)
    poltergeist (1.6.0)
      capybara (~> 2.1)
      cliver (~> 0.3.1)
      multi_json (~> 1.0)
      websocket-driver (>= 0.2.0)
    pony (1.11)
      mail (>= 2.0)
    progress (3.1.0)
    pry (0.10.2)
      coderay (~> 1.1.0)
      method_source (~> 0.8.1)
      slop (~> 3.4)
    rack (1.5.5)
    rack-test (0.6.3)
      rack (>= 1.0)
    rb-fsevent (0.9.6)
    rb-inotify (0.9.5)
      ffi (>= 0.5.0)
    rbnacl (3.2.0)
      ffi
    rbnacl-libsodium (1.0.3)
      rbnacl (~> 3.0, >= 3.0.1)
    ref (1.0.5)
    rest-client (1.8.0)
      http-cookie (>= 1.0.2, < 2.0)
      mime-types (>= 1.16, < 3.0)
      netrc (~> 0.7)
    rspec (3.2.0)
      rspec-core (~> 3.2.0)
      rspec-expectations (~> 3.2.0)
      rspec-mocks (~> 3.2.0)
    rspec-core (3.2.3)
      rspec-support (~> 3.2.0)
    rspec-expectations (3.2.1)
      diff-lcs (>= 1.2.0, < 2.0)
      rspec-support (~> 3.2.0)
    rspec-mocks (3.2.1)
      diff-lcs (>= 1.2.0, < 2.0)
      rspec-support (~> 3.2.0)
    rspec-support (3.2.2)
    ruby-hmac (0.4.0)
    rubyzip (1.1.7)
    sass (3.4.18)
    selenium-webdriver (2.47.1)
      childprocess (~> 0.5)
      multi_json (~> 1.0)
      rubyzip (~> 1.0)
      websocket (~> 1.0)
    simplify (1.2.0)
      json
      rest-client
      ruby-hmac
    slop (3.6.0)
    sourcemap (0.1.1)
    sprockets (3.3.5)
      rack (> 1, < 3)
    sprockets-helpers (1.2.1)
      sprockets (>= 2.2)
    thin (1.6.4)
      daemons (~> 1.0, >= 1.0.9)
      eventmachine (~> 1.0, >= 1.0.4)
      rack (~> 1.0)
    thor (0.19.1)
    tilt (2.0.1)
    uglifier (2.7.2)
      execjs (>= 0.3.0)
      json (>= 1.8.0)
    unf (0.1.4)
      unf_ext
    unf_ext (0.0.7.1)
    volt (0.9.5)
      bcrypt (~> 3.1.9)
      bundler (>= 1.5)
      concurrent-ruby (= 0.8.0)
      configurations (~> 2.0.0.pre)
      faye-websocket (~> 0.10.0)
      listen (~> 3.0.1)
      opal (>= 0.8.0, < 0.9)
      pry (~> 0.10.1)
      rack (~> 1.5.0)
      sass (~> 3.4.15)
      sprockets-helpers (~> 1.2.1)
      thor (~> 0.19.0)
    volt-bootstrap (0.1.0)
    volt-bootstrap_jumbotron_theme (0.1.0)
    volt-fields (0.1.3)
    volt-font_awesome (1.0.2)
    volt-mailer (0.1.0)
      pony (~> 1.11)
    volt-mongo (0.1.1)
      mongo (~> 1.9.0)
    volt-user_templates (0.4.0)
      volt-fields (~> 0.1.0)
      volt-mailer (~> 0.1.0)
    websocket (1.2.2)
    websocket-driver (0.6.2)
      websocket-extensions (>= 0.1.0)
    websocket-extensions (0.1.2)
    xpath (2.0.0)
      nokogiri (~> 1.3)

PLATFORMS
  ruby

DEPENDENCIES
  bson_ext (~> 1.9.0)
  capybara (~> 2.4.4)
  chromedriver-helper (~> 1.0.0)
  concurrent-ruby-ext (~> 0.8.0)
  csso-rails (~> 0.3.4)
  image_optim
  image_optim_pack
  opal-rspec (~> 0.4.2)
  poltergeist (~> 1.6.0)
  rbnacl
  rbnacl-libsodium
  rspec (~> 3.2.0)
  selenium-webdriver (~> 2.47.1)
  simplify
  thin (~> 1.6.0)
  uglifier (>= 2.4.0)
  volt (= 0.9.5)
  volt-bootstrap (~> 0.1.0)
  volt-bootstrap_jumbotron_theme (~> 0.1.0)
  volt-datetime_picker (= 0.1.0heri)!
  volt-mailer (~> 0.1.0)
  volt-mongo (~> 0.1.0)
  volt-upload!
  volt-user_templates (~> 0.4.0)
